PATH
  remote: .
  specs:
    bulbapedia_indexer (0.1.0)

GEM
  remote: https://rubygems.org/
  specs:
    mini_portile2 (2.4.0)
    minitest (5.13.0)
    nokogiri (1.10.7)
      mini_portile2 (~> 2.4.0)
    rake (10.5.0)

PLATFORMS
  ruby

DEPENDENCIES
  bulbapedia_indexer!
  bundler (~> 2.0)
  minitest (~> 5.0)
  nokogiri (~> 1.10)
  rake (~> 10.0)

BUNDLED WITH
   2.0.1
