PATH
  remote: .
  specs:
    bulbapedia_scraper (0.1.0)

GEM
  remote: https://rubygems.org/
  specs:
    byebug (11.0.1)
    mini_portile2 (2.4.0)
    minitest (5.13.0)
    nokogiri (1.10.8)
      mini_portile2 (~> 2.4.0)
    rake (13.0.1)

PLATFORMS
  ruby

DEPENDENCIES
  bulbapedia_scraper!
  bundler (~> 2.0)
  byebug (~> 11.0)
  minitest (~> 5.0)
  nokogiri (~> 1.10)
  rake (~> 13.0)

BUNDLED WITH
   2.0.2
